GEM
  remote: http://rubygems.org/
  specs:
    ruby-termios (0.9.6)

PLATFORMS
  ruby

DEPENDENCIES
  ruby-termios
